GEM
  remote: https://rubygems.org/
  specs:
    activesupport (6.0.3.2)
      concurrent-ruby (~> 1.0, >= 1.0.2)
      i18n (>= 0.7, < 2)
      minitest (~> 5.1)
      tzinfo (~> 1.1)
      zeitwerk (~> 2.2, >= 2.2.2)
    concurrent-ruby (1.1.7)
    i18n (1.8.5)
      concurrent-ruby (~> 1.0)
    minitest (5.14.2)
    mustache (1.1.1)
    openactive (0.1.2)
      activesupport
      typesafe_enum
    openactive-dataset_site (0.1.1)
      mustache
      openactive
      typesafe_enum
    thread_safe (0.3.6)
    typesafe_enum (0.2.2)
    tzinfo (1.2.7)
      thread_safe (~> 0.1)
    zeitwerk (2.4.0)

PLATFORMS
  ruby

DEPENDENCIES
  openactive-dataset_site (~> 0.1.1)

RUBY VERSION
   ruby 2.6.6p146

BUNDLED WITH
   1.17.2
